PATH
  remote: .
  specs:
    butts (0.1.0)
      faker

GEM
  remote: https://rubygems.org/
  specs:
    byebug (11.1.3)
    concurrent-ruby (1.1.6)
    faker (2.12.0)
      i18n (>= 1.6, < 2)
    i18n (1.8.3)
      concurrent-ruby (~> 1.0)
    minitest (5.14.1)
    rake (13.0.1)

PLATFORMS
  ruby

DEPENDENCIES
  bundler (~> 1.17)
  butts!
  byebug
  minitest (~> 5.0)
  rake (~> 13.0)

BUNDLED WITH
   1.17.3
